GEM
  remote: https://rubygems.org/
  specs:
    ansi (1.5.0)
    json (1.8.3)
    minitap (0.5.3)
      minitest (~> 5.0)
      minitest-reporter-api (>= 0.0.2)
      tapout (>= 0.3.0)
    minitest (5.8.4)
    minitest-reporter-api (0.0.5)
      minitest (~> 5.0)
    tapout (0.4.5)
      ansi
      json

PLATFORMS
  ruby

DEPENDENCIES
  minitap
  minitest
  tapout

BUNDLED WITH
   1.10.6
