GEM
  remote: https://rubygems.org/
  specs:
    builder (3.2.2)
    minitest (5.8.4)
    minitest-junit (0.2.0)
      builder (~> 3.2)
      minitest (~> 5.0)

PLATFORMS
  ruby

DEPENDENCIES
  minitest
  minitest-junit

BUNDLED WITH
   1.10.6
