GEM
  remote: https://rubygems.org/
  specs:
    ansi (1.5.0)
    builder (3.2.2)
    minitest (5.8.4)
    minitest-junit (0.2.0)
      builder (~> 3.2)
      minitest (~> 5.0)
    minitest-reporters (1.1.8)
      ansi
      builder
      minitest (>= 5.0)
      ruby-progressbar
    rake (10.4.2)
    ruby-progressbar (1.7.5)

PLATFORMS
  ruby

DEPENDENCIES
  minitest
  minitest-junit
  minitest-reporters
  rake

RUBY VERSION
   ruby 2.3.1p112

BUNDLED WITH
   1.13.6
